GEM
  remote: https://rubygems.org/
  specs:
    nio4r (2.7.0)
    puma (6.4.2)
      nio4r (~> 2.0)
    rack (3.0.9)
    rake (13.0.6)
    sinatra (1.0)
      rack (>= 1.0)

PLATFORMS
  arm64-darwin-21

DEPENDENCIES
  puma
  rack
  rake
  sinatra

BUNDLED WITH
   2.4.6
